GEM
  remote: http://rubygems.org/
  specs:
    ast (2.4.0)
    backports (3.12.0)
    builder (3.2.3)
    childprocess (0.9.0)
      ffi (~> 1.0, >= 1.0.11)
    clipboard (1.3.3)
    coderay (1.1.2)
    cucumber (3.1.2)
      builder (>= 2.1.2)
      cucumber-core (~> 3.2.0)
      cucumber-expressions (~> 6.0.1)
      cucumber-wire (~> 0.0.1)
      diff-lcs (~> 1.3)
      gherkin (~> 5.1.0)
      multi_json (>= 1.7.5, < 2.0)
      multi_test (>= 0.1.2)
    cucumber-core (3.2.1)
      backports (>= 3.8.0)
      cucumber-tag_expressions (~> 1.1.0)
      gherkin (~> 5.0)
    cucumber-expressions (6.0.1)
    cucumber-tag_expressions (1.1.1)
    cucumber-wire (0.0.1)
    data_magic (0.20)
      faker (>= 1.1.2)
      yml_reader (>= 0.4)
    diff-lcs (1.3)
    domain_name (0.5.20180417)
      unf (>= 0.0.5, < 1.0.0)
    faker (1.4.3)
      i18n (~> 0.5)
    ffi (1.9.6)
    gherkin (5.1.0)
    headless (2.0.0)
    http-cookie (1.0.3)
      domain_name (~> 0.5)
    i18n (0.7.0)
    jaro_winkler (1.5.2)
    json (2.2.0)
    little-plugger (1.1.4)
    logger (1.3.0)
    logging (1.8.2)
      little-plugger (>= 1.1.3)
      multi_json (>= 1.8.4)
    method_source (0.8.2)
    mime-types (2.99.3)
    mini_portile (0.6.2)
    multi_json (1.11.0)
    multi_test (0.1.2)
    net-http-persistent (2.9.4)
    netrc (0.11.0)
    nokogiri (1.6.6.2)
      mini_portile (~> 0.6.0)
    nokogiri-diff (0.2.0)
      nokogiri (~> 1.5)
      tdiff (~> 0.3, >= 0.3.2)
    page-object (2.0.0)
      net-http-persistent (~> 2.9.4)
      page_navigation (>= 0.9)
      selenium-webdriver (~> 3.0)
      watir (~> 6.0)
    page_navigation (0.9)
      data_magic (>= 0.14)
    parallel (1.14.0)
    parallel_split_test (0.7.0)
      parallel (>= 0.5.13)
      rspec (>= 3.1.0)
    parallel_tests (2.28.0)
      parallel
    parser (2.6.0.0)
      ast (~> 2.4.0)
    powerpack (0.1.2)
    pry (0.10.4)
      coderay (~> 1.1.0)
      method_source (~> 0.8.1)
      slop (~> 3.4)
    psych (3.1.0)
    rainbow (3.0.0)
    rake (12.3.2)
    require_all (1.3.2)
    rest-client (1.8.0)
      http-cookie (>= 1.0.2, < 2.0)
      mime-types (>= 1.16, < 3.0)
      netrc (~> 0.7)
    rspec (3.5.0)
      rspec-core (~> 3.5.0)
      rspec-expectations (~> 3.5.0)
      rspec-mocks (~> 3.5.0)
    rspec-core (3.5.2)
      rspec-support (~> 3.5.0)
    rspec-expectations (3.5.0)
      diff-lcs (>= 1.2.0, < 2.0)
      rspec-support (~> 3.5.0)
    rspec-mocks (3.5.0)
      diff-lcs (>= 1.2.0, < 2.0)
      rspec-support (~> 3.5.0)
    rspec-support (3.5.0)
    rubocop (0.65.0)
      jaro_winkler (~> 1.5.1)
      parallel (~> 1.10)
      parser (>= 2.5, != 2.5.1.1)
      powerpack (~> 0.1)
      psych (>= 3.1.0)
      rainbow (>= 2.2.2, < 4.0)
      ruby-progressbar (~> 1.7)
      unicode-display_width (~> 1.4.0)
    ruby-progressbar (1.10.0)
    rubyzip (1.2.2)
    sauce_whisk (0.0.22)
      json (>= 1.8)
      rest-client (>= 1.8)
    selenium-webdriver (3.141.0)
      childprocess (~> 0.5)
      rubyzip (~> 1.2, >= 1.2.2)
    slop (3.6.0)
    tdiff (0.3.4)
    unf (0.1.4)
      unf_ext
    unf_ext (0.0.7.5)
    unicode-display_width (1.4.1)
    watir (6.7.3)
      selenium-webdriver (~> 3.4, >= 3.4.1)
    watir-scroll (0.1.0)
      watir-webdriver
    watir-webdriver (0.9.9)
      selenium-webdriver (>= 2.46.2)
    yml_reader (0.4)

PLATFORMS
  ruby

DEPENDENCIES
  clipboard (~> 1.0, >= 1.0.6)
  cucumber (= 3.1.2)
  data_magic (= 0.20)
  faker (= 1.4.3)
  ffi (= 1.9.6)
  gherkin (= 5.1.0)
  headless (= 2.0.0)
  i18n (= 0.7.0)
  logger (= 1.3.0)
  logging (= 1.8.2)
  multi_json (= 1.11.0)
  multi_test (= 0.1.2)
  nokogiri (= 1.6.6.2)
  nokogiri-diff (= 0.2.0)
  page-object (= 2.0.0)
  parallel_split_test
  parallel_tests
  pry (= 0.10.4)
  rake
  require_all (= 1.3.2)
  rest-client (~> 1.8)
  rspec (= 3.5.0)
  rspec-core (= 3.5.2)
  rspec-expectations (= 3.5.0)
  rspec-mocks (= 3.5.0)
  rspec-support (= 3.5.0)
  rubocop
  rubyzip (= 1.2.2)
  sauce_whisk
  selenium-webdriver (= 3.141.0)
  watir (= 6.7.3)
  watir-scroll (= 0.1.0)
  yml_reader (= 0.4)

BUNDLED WITH
   2.0.1
